PATH
  remote: .
  specs:
    ruby_deep_clone (0.7.4)

GEM
  remote: https://rubygems.org/
  specs:
    diff-lcs (1.2.5)
    rake (10.5.0)
    rake-compiler (0.8.3)
      rake
    rspec (2.99.0)
      rspec-core (~> 2.99.0)
      rspec-expectations (~> 2.99.0)
      rspec-mocks (~> 2.99.0)
    rspec-core (2.99.2)
    rspec-expectations (2.99.2)
      diff-lcs (>= 1.1.3, < 2.0)
    rspec-mocks (2.99.4)

PLATFORMS
  ruby

DEPENDENCIES
  rake (~> 10.5)
  rake-compiler (~> 0.8.3)
  rspec (~> 2.99)
  ruby_deep_clone!

BUNDLED WITH
   1.13.7
